{
    "TaskName": "interictalasleep",
    "Manufacturer": "n/a",
    "PowerLineFrequency": 60,
    "SamplingFrequency": 1024.5997950800408,
    "SoftwareFilters": "n/a",
    "RecordingDuration": 66.38201600917432,
    "RecordingType": "continuous",
    "iEEGReference": "n/a",
    "ECOGChannelCount": 47,
    "SEEGChannelCount": 0,
    "EEGChannelCount": 0,
    "EOGChannelCount": 0,
    "ECGChannelCount": 0,
    "EMGChannelCount": 0,
    "MiscChannelCount": 0,
    "TriggerChannelCount": 0
}
