{
    "TaskName": "interictalawake",
    "Manufacturer": "n/a",
    "PowerLineFrequency": 60,
    "SamplingFrequency": 999.9999999999999,
    "SoftwareFilters": "n/a",
    "RecordingDuration": 172.223,
    "RecordingType": "continuous",
    "iEEGReference": "n/a",
    "ECOGChannelCount": 110,
    "SEEGChannelCount": 0,
    "EEGChannelCount": 0,
    "EOGChannelCount": 0,
    "ECGChannelCount": 0,
    "EMGChannelCount": 0,
    "MiscChannelCount": 0,
    "TriggerChannelCount": 0
}
