{
    "TaskName": "interictalasleep",
    "Manufacturer": "n/a",
    "PowerLineFrequency": 60,
    "SamplingFrequency": 999.4121105232217,
    "SoftwareFilters": "n/a",
    "RecordingDuration": 63.1060994117647,
    "RecordingType": "continuous",
    "iEEGReference": "n/a",
    "ECOGChannelCount": 129,
    "SEEGChannelCount": 0,
    "EEGChannelCount": 0,
    "EOGChannelCount": 0,
    "ECGChannelCount": 0,
    "EMGChannelCount": 0,
    "MiscChannelCount": 0,
    "TriggerChannelCount": 0
}
