{
    "TaskName": "interictalawake",
    "Manufacturer": "n/a",
    "PowerLineFrequency": 60,
    "SamplingFrequency": 499.7071044492829,
    "SoftwareFilters": "n/a",
    "RecordingDuration": 68.10589582773109,
    "RecordingType": "continuous",
    "iEEGReference": "n/a",
    "ECOGChannelCount": 129,
    "SEEGChannelCount": 0,
    "EEGChannelCount": 0,
    "EOGChannelCount": 0,
    "ECGChannelCount": 0,
    "EMGChannelCount": 0,
    "MiscChannelCount": 0,
    "TriggerChannelCount": 0
}
