{
    "TaskName": "interictal",
    "Manufacturer": "n/a",
    "PowerLineFrequency": 60,
    "SamplingFrequency": 999.9999999999999,
    "SoftwareFilters": "n/a",
    "RecordingDuration": 950.0620000000001,
    "RecordingType": "continuous",
    "iEEGReference": "n/a",
    "ECOGChannelCount": 0,
    "SEEGChannelCount": 182,
    "EEGChannelCount": 0,
    "EOGChannelCount": 0,
    "ECGChannelCount": 0,
    "EMGChannelCount": 0,
    "MiscChannelCount": 0,
    "TriggerChannelCount": 0
}
